GEM
  remote: https://rubygems.org/
  specs:
    mini_portile2 (2.8.4)
    nokogiri (1.15.4)
      mini_portile2 (~> 2.8.2)
      racc (~> 1.4)
    nokogiri (1.15.4-arm64-darwin)
      racc (~> 1.4)
    racc (1.7.1)

PLATFORMS
  ruby
  universal-darwin-22

DEPENDENCIES
  nokogiri (= 1.15.4)

BUNDLED WITH
   2.3.21
